GEM
  remote: http://rubygems.org/
  specs:
    guard (0.8.8)
      thor (~> 0.14.6)
    guard-sass (0.5.2)
      guard (>= 0.4.0)
      sass (>= 3.1)
    rb-fsevent (0.4.3.1)
    sass (3.1.10)
    thor (0.14.6)

PLATFORMS
  ruby

DEPENDENCIES
  guard-sass
  rb-fsevent
